GEM
  remote: https://rubygems.org/
  specs:
    diff-lcs (1.3)
    rspec (3.9.0)
      rspec-core (~> 3.9.0)
      rspec-expectations (~> 3.9.0)
      rspec-mocks (~> 3.9.0)
    rspec-core (3.9.0)
      rspec-support (~> 3.9.0)
    rspec-expectations (3.9.0)
      diff-lcs (>= 1.2.0, < 2.0)
      rspec-support (~> 3.9.0)
    rspec-mocks (3.9.0)
      diff-lcs (>= 1.2.0, < 2.0)
      rspec-support (~> 3.9.0)
    rspec-support (3.9.0)
    sorbet (0.4.4996)
      sorbet-static (= 0.4.4996)
    sorbet-runtime (0.4.4996)
    sorbet-static (0.4.4996-universal-darwin-14)

PLATFORMS
  ruby

DEPENDENCIES
  rspec
  sorbet
  sorbet-runtime

BUNDLED WITH
   1.17.2
